GEM
  remote: https://rubygems.org/
  specs:
    rack (2.2.8)

PLATFORMS
  arm64-darwin-22
  x86_64-linux

DEPENDENCIES
  rack

BUNDLED WITH
   2.3.25
