GEM
  remote: https://rubygems.org/
  specs:
    rack (2.2.8)
    ruby (0.1.0)

PLATFORMS
  arm64-darwin-22
  x86_64-linux

DEPENDENCIES
  rack
  ruby

BUNDLED WITH
   2.3.25
